GEM
  remote: http://rubygems.org/
  specs:
    bouncy-castle-java (1.5.0146.1)
    builder (3.0.0)
    diff-lcs (1.1.3)
    git (1.2.5)
    jeweler (1.8.4)
      bundler (~> 1.0)
      git (>= 1.2.5)
      rake
      rdoc
    jruby-openssl (0.7.7)
      bouncy-castle-java (>= 1.5.0146.1)
    json (1.7.5)
    json (1.7.5-java)
    lock_jar (0.6.0)
      naether (~> 0.9.0)
      thor (> 0.14.0)
    naether (0.9.2-java)
    rake (0.9.2.2)
    rdoc (3.12)
      json (~> 1.4)
    rsolr (1.0.8)
      builder (>= 2.1.2)
    rspec (2.11.0)
      rspec-core (~> 2.11.0)
      rspec-expectations (~> 2.11.0)
      rspec-mocks (~> 2.11.0)
    rspec-core (2.11.1)
    rspec-expectations (2.11.2)
      diff-lcs (~> 1.1.3)
    rspec-mocks (2.11.2)
    thor (0.16.0)
    yard (0.8.2.1)

PLATFORMS
  java

DEPENDENCIES
  bundler (~> 1.1.4)
  jeweler (~> 1.8.4)
  jruby-openssl
  lock_jar (~> 0.6.0)
  rsolr (~> 1.0.0)
  rspec (~> 2.11.0)
  thor (> 0.14.0)
  yard
