GEM
  remote: http://rubygems.org/
  specs:
    bouncy-castle-java (1.5.0146.1)
    builder (3.1.4)
    diff-lcs (1.1.3)
    git (1.11.0)
      rchardet (~> 1.8)
    jeweler (1.8.4)
      bundler (~> 1.0)
      git (>= 1.2.5)
      rake
      rdoc
    jruby-openssl (0.7.7)
      bouncy-castle-java (>= 1.5.0146.1)
    json (1.7.5)
    json (1.7.5-java)
    lock_jar (0.7.0)
      naether (~> 0.10.0)
      thor (~> 0.14.6)
    naether (0.10.1)
      rjb (~> 1.4.0)
    naether (0.10.1-java)
    rake (13.0.1)
    rchardet (1.8.0)
    rdoc (3.12)
      json (~> 1.4)
    rjb (1.4.9)
    rsolr (1.0.8)
      builder (>= 2.1.2)
    rspec (2.11.0)
      rspec-core (~> 2.11.0)
      rspec-expectations (~> 2.11.0)
      rspec-mocks (~> 2.11.0)
    rspec-core (2.11.1)
    rspec-expectations (2.11.3)
      diff-lcs (~> 1.1.3)
    rspec-mocks (2.11.3)
    thor (0.14.6)
    yard (0.9.20)

PLATFORMS
  java
  ruby

DEPENDENCIES
  jeweler (~> 1.8.4)
  jruby-openssl
  lock_jar (>= 0.7.0)
  rsolr (~> 1.0.0)
  rspec (~> 2.11.0)
  yard
