GEM
  remote: http://rubygems.org/
  specs:
    commander (4.1.2)
      highline (~> 1.6.11)
    diff-lcs (1.1.3)
    highline (1.6.14)
    lock_jar (0.5.2)
      commander (~> 4.1.2)
      highline (~> 1.6.13)
      naether (~> 0.8.5)
    naether (0.8.5-java)
    rspec (2.11.0)
      rspec-core (~> 2.11.0)
      rspec-expectations (~> 2.11.0)
      rspec-mocks (~> 2.11.0)
    rspec-core (2.11.1)
    rspec-expectations (2.11.2)
      diff-lcs (~> 1.1.3)
    rspec-mocks (2.11.2)

PLATFORMS
  java

DEPENDENCIES
  bundler (~> 1.1.4)
  lock_jar (~> 0.5.2)
  rspec (~> 2.11.0)
