PATH
  remote: .
  specs:
    solr_sail (0.1.0-java)
      lock_jar (>= 0.7.0)

GEM
  remote: https://rubygems.org/
  specs:
    builder (3.2.2)
    diff-lcs (1.1.3)
    jruby-openssl (0.9.5-java)
    lock_jar (0.8.0)
      naether (~> 0.10.1)
      thor (~> 0.18.1)
    naether (0.10.1-java)
    rsolr (1.0.10)
      builder (>= 2.1.2)
    rspec (2.11.0)
      rspec-core (~> 2.11.0)
      rspec-expectations (~> 2.11.0)
      rspec-mocks (~> 2.11.0)
    rspec-core (2.11.1)
    rspec-expectations (2.11.3)
      diff-lcs (~> 1.1.3)
    rspec-mocks (2.11.3)
    thor (0.18.1)
    yard (0.8.7.4)

PLATFORMS
  java
  ruby

DEPENDENCIES
  jruby-openssl
  rsolr (~> 1.0.0)
  rspec (~> 2.11.0)
  solr_sail!
  yard
